GIT
  remote: https://github.com/sinatra/sinatra.git
  revision: 004daf4922af6ee7a7a87982f3040768e428209e
  specs:
    rack-protection (2.0.0.beta2)
      rack
    sinatra (2.0.0.beta2)
      mustermann (= 1.0.0.beta2)
      rack (~> 2.0)
      rack-protection (= 2.0.0.beta2)
      tilt (~> 2.0)

GEM
  remote: https://rubygems.org/
  specs:
    diff-lcs (1.2.5)
    mini_portile2 (2.1.0)
    mustermann (1.0.0.beta2)
    nokogiri (1.7.0.1)
      mini_portile2 (~> 2.1.0)
    rack (2.0.1)
    redis (3.3.2)
    rspec (3.5.0)
      rspec-core (~> 3.5.0)
      rspec-expectations (~> 3.5.0)
      rspec-mocks (~> 3.5.0)
    rspec-core (3.5.4)
      rspec-support (~> 3.5.0)
    rspec-expectations (3.5.0)
      diff-lcs (>= 1.2.0, < 2.0)
      rspec-support (~> 3.5.0)
    rspec-mocks (3.5.0)
      diff-lcs (>= 1.2.0, < 2.0)
      rspec-support (~> 3.5.0)
    rspec-support (3.5.0)
    tilt (2.0.5)

PLATFORMS
  ruby

DEPENDENCIES
  nokogiri
  redis
  rspec
  sinatra!

BUNDLED WITH
   1.13.7
